GIT
  remote: git://github.com/phillbaker/sinatra-assetpack.git
  revision: 9302731670bfc2f8e4628aa7985b64929ff1e376
  ref: 9302731670bfc2f8e4628aa7985b64929ff1e376
  specs:
    sinatra-assetpack (0.0.11)
      jsmin
      rack-test
      sinatra
      tilt (>= 1.3.0)

GEM
  remote: http://rubygems.org/
  specs:
    activesupport (3.2.7)
      i18n (~> 0.6)
      multi_json (~> 1.0)
    backports (2.6.2)
    commonjs (0.2.6)
    daemons (1.1.8)
    erector (0.8.3)
      rake
      rake
      treetop
      treetop (>= 1.2.3)
    eventmachine (0.12.10)
    i18n (0.6.0)
    jsmin (1.0.1)
    less (2.1.0)
      commonjs (~> 0.2.0)
      therubyracer (~> 0.10.0)
    libv8 (3.3.10.4)
    monkey-lib (0.5.4)
      backports
    multi_json (1.3.6)
    polyglot (0.3.3)
    rack (1.4.1)
    rack-protection (1.2.0)
      rack
    rack-test (0.6.1)
      rack (>= 1.0)
    rack_csrf (2.4.0)
      rack (>= 0.9)
    rake (0.9.2.2)
    sinatra (1.3.2)
      rack (~> 1.3, >= 1.3.6)
      rack-protection (~> 1.2)
      tilt (~> 1.3, >= 1.3.3)
    sinatra-advanced-routes (0.5.1)
      monkey-lib (~> 0.5.0)
      sinatra (~> 1.0)
      sinatra-sugar (~> 0.5.0)
    sinatra-contrib (1.3.1)
      backports (>= 2.0)
      eventmachine
      rack-protection
      rack-test
      sinatra (~> 1.3.0)
      tilt (~> 1.3)
    sinatra-sugar (0.5.1)
      monkey-lib (~> 0.5.0)
      sinatra (~> 1.0)
    therubyracer (0.10.2)
      libv8 (~> 3.3.10)
    thin (1.4.1)
      daemons (>= 1.0.9)
      eventmachine (>= 0.12.6)
      rack (>= 1.0.0)
    tilt (1.3.3)
    treetop (1.4.10)
      polyglot
      polyglot (>= 0.3.1)

PLATFORMS
  ruby

DEPENDENCIES
  activesupport
  erector
  i18n
  less (~> 2.1.0)
  rack_csrf
  sinatra
  sinatra-advanced-routes
  sinatra-assetpack!
  sinatra-contrib
  thin
